GIT
  remote: git://github.com/bootstrap-ruby/rails-bootstrap-forms
  revision: 5512154e247861cd9e07942d04bf1fe64eecbe13
  specs:
    bootstrap_form (2.5.2)

GEM
  remote: https://rubygems.org/
  specs:
    CFPropertyList (2.3.4)
    actioncable (5.0.0.1)
      actionpack (= 5.0.0.1)
      nio4r (~> 1.2)
      websocket-driver (~> 0.6.1)
    actionmailer (5.0.0.1)
      actionpack (= 5.0.0.1)
      actionview (= 5.0.0.1)
      activejob (= 5.0.0.1)
      mail (~> 2.5, >= 2.5.4)
      rails-dom-testing (~> 2.0)
    actionpack (5.0.0.1)
      actionview (= 5.0.0.1)
      activesupport (= 5.0.0.1)
      rack (~> 2.0)
      rack-test (~> 0.6.3)
      rails-dom-testing (~> 2.0)
      rails-html-sanitizer (~> 1.0, >= 1.0.2)
    actionview (5.0.0.1)
      activesupport (= 5.0.0.1)
      builder (~> 3.1)
      erubis (~> 2.7.0)
      rails-dom-testing (~> 2.0)
      rails-html-sanitizer (~> 1.0, >= 1.0.2)
    activejob (5.0.0.1)
      activesupport (= 5.0.0.1)
      globalid (>= 0.3.6)
    activemodel (5.0.0.1)
      activesupport (= 5.0.0.1)
    activerecord (5.0.0.1)
      activemodel (= 5.0.0.1)
      activesupport (= 5.0.0.1)
      arel (~> 7.0)
    activesupport (5.0.0.1)
      concurrent-ruby (~> 1.0, >= 1.0.2)
      i18n (~> 0.7)
      minitest (~> 5.1)
      tzinfo (~> 1.1)
    acts-as-taggable-on (4.0.0)
      activerecord (>= 4.0)
    addressable (2.5.0)
      public_suffix (~> 2.0, >= 2.0.2)
    airbrussh (1.1.1)
      sshkit (>= 1.6.1, != 1.7.0)
    annotate (2.7.1)
      activerecord (>= 3.2, < 6.0)
      rake (>= 10.4, < 12.0)
    api-pagination (4.5.1)
    apipie-rails (0.3.7)
      json
    arel (7.1.4)
    ast (2.3.0)
    aws-sdk (2.6.35)
      aws-sdk-resources (= 2.6.35)
    aws-sdk-core (2.6.35)
      aws-sigv4 (~> 1.0)
      jmespath (~> 1.0)
    aws-sdk-resources (2.6.35)
      aws-sdk-core (= 2.6.35)
    aws-sigv4 (1.0.0)
    bcrypt (3.1.11)
    benchmark-ips (2.7.2)
    better_errors (2.1.1)
      coderay (>= 1.0.0)
      erubis (>= 2.6.6)
      rack (>= 0.9.0)
    binding_of_caller (0.7.2)
      debug_inspector (>= 0.0.1)
    blazer (1.7.5)
      chartkick
      rails
      safely_block (>= 0.1.1)
    bootstrap-select-rails (1.6.3)
    bootstrap-typeahead-rails (0.10.5.1)
      railties (>= 3.0)
    builder (3.2.2)
    bullet (5.4.3)
      activesupport (>= 3.0.0)
      uniform_notifier (~> 1.10.0)
    byebug (9.0.6)
    capistrano (3.7.0)
      airbrussh (>= 1.0.0)
      capistrano-harrow
      i18n
      rake (>= 10.0.0)
      sshkit (>= 1.9.0)
    capistrano-bundler (1.2.0)
      capistrano (~> 3.1)
      sshkit (~> 1.2)
    capistrano-harrow (0.5.3)
    capistrano-rails (1.2.0)
      capistrano (~> 3.1)
      capistrano-bundler (~> 1.1)
    capistrano-rvm (0.1.2)
      capistrano (~> 3.0)
      sshkit (~> 1.2)
    capistrano-sidekiq (0.10.0)
      capistrano
      sidekiq (>= 3.4)
    capistrano3-puma (1.2.1)
      capistrano (~> 3.0)
      puma (>= 2.6)
    capybara (2.11.0)
      addressable
      mime-types (>= 1.16)
      nokogiri (>= 1.3.3)
      rack (>= 1.0.0)
      rack-test (>= 0.5.4)
      xpath (~> 2.0)
    carrierwave (0.11.2)
      activemodel (>= 3.2.0)
      activesupport (>= 3.2.0)
      json (>= 1.7)
      mime-types (>= 1.16)
      mimemagic (>= 0.3.0)
    carrierwave-aws (1.0.2)
      aws-sdk (~> 2.0)
      carrierwave (>= 0.7, < 2.0)
    chartkick (2.2.1)
    childprocess (0.5.9)
      ffi (~> 1.0, >= 1.0.11)
    chronic (0.10.2)
    climate_control (0.0.3)
      activesupport (>= 3.0)
    cocaine (0.5.8)
      climate_control (>= 0.0.3, < 1.0)
    coderay (1.1.1)
    coffee-rails (4.1.1)
      coffee-script (>= 2.2.0)
      railties (>= 4.0.0, < 5.1.x)
    coffee-script (2.4.1)
      coffee-script-source
      execjs
    coffee-script-source (1.11.1)
    concurrent-ruby (1.0.2)
    config (1.3.0)
      activesupport (>= 3.0)
      deep_merge (~> 1.1.1)
    connection_pool (2.2.1)
    crass (1.0.2)
    daemons (1.2.4)
    database_cleaner (1.5.3)
    debug_inspector (0.0.2)
    deep_merge (1.1.1)
    delayed_paperclip (3.0.1)
      activejob (>= 4.2)
      paperclip (>= 3.3)
    derailed (0.1.0)
      derailed_benchmarks
    derailed_benchmarks (1.3.1)
      benchmark-ips (~> 2)
      get_process_mem (~> 0)
      heapy (~> 0)
      memory_profiler (~> 0)
      rack (>= 1)
      rake (> 10, < 12)
      thor (~> 0.19)
    devise (4.2.0)
      bcrypt (~> 3.0)
      orm_adapter (~> 0.1)
      railties (>= 4.1.0, < 5.1)
      responders
      warden (~> 1.2.3)
    devise_invitable (1.7.0)
      actionmailer (>= 4.0.0)
      devise (>= 4.0.0)
    diff-lcs (1.2.5)
    elasticsearch (5.0.0)
      elasticsearch-api (= 5.0.0)
      elasticsearch-transport (= 5.0.0)
    elasticsearch-api (5.0.0)
      multi_json
    elasticsearch-transport (5.0.0)
      faraday
      multi_json
    errbase (0.0.3)
    erubis (2.7.0)
    eventmachine (1.2.1)
    excon (0.54.0)
    execjs (2.7.0)
    factory_girl (4.7.0)
      activesupport (>= 3.0.0)
    factory_girl_rails (4.7.0)
      factory_girl (~> 4.7.0)
      railties (>= 3.0.0)
    faraday (0.9.2)
      multipart-post (>= 1.2, < 3)
    faraday_middleware (0.10.1)
      faraday (>= 0.7.4, < 1.0)
    feedbag (0.9.6)
      nokogiri (~> 1.0)
      open_uri_redirections (~> 0.2)
    feedjira (2.1.0)
      faraday (>= 0.9)
      faraday_middleware (>= 0.9)
      loofah (>= 2.0)
      sax-machine (>= 1.0)
    ffi (1.9.14)
    figaro (1.1.1)
      thor (~> 0.14)
    fission (0.5.0)
      CFPropertyList (~> 2.2)
    flamegraph (0.9.5)
    fog (1.38.0)
      fog-aliyun (>= 0.1.0)
      fog-atmos
      fog-aws (>= 0.6.0)
      fog-brightbox (~> 0.4)
      fog-cloudatcost (~> 0.1.0)
      fog-core (~> 1.32)
      fog-dynect (~> 0.0.2)
      fog-ecloud (~> 0.1)
      fog-google (<= 0.1.0)
      fog-json
      fog-local
      fog-openstack
      fog-powerdns (>= 0.1.1)
      fog-profitbricks
      fog-rackspace
      fog-radosgw (>= 0.0.2)
      fog-riakcs
      fog-sakuracloud (>= 0.0.4)
      fog-serverlove
      fog-softlayer
      fog-storm_on_demand
      fog-terremark
      fog-vmfusion
      fog-voxel
      fog-vsphere (>= 0.4.0)
      fog-xenserver
      fog-xml (~> 0.1.1)
      ipaddress (~> 0.5)
    fog-aliyun (0.1.0)
      fog-core (~> 1.27)
      fog-json (~> 1.0)
      ipaddress (~> 0.8)
      xml-simple (~> 1.1)
    fog-atmos (0.1.0)
      fog-core
      fog-xml
    fog-aws (1.0.0)
      fog-core (~> 1.38)
      fog-json (~> 1.0)
      fog-xml (~> 0.1)
      ipaddress (~> 0.8)
    fog-brightbox (0.11.0)
      fog-core (~> 1.22)
      fog-json
      inflecto (~> 0.0.2)
    fog-cloudatcost (0.1.2)
      fog-core (~> 1.36)
      fog-json (~> 1.0)
      fog-xml (~> 0.1)
      ipaddress (~> 0.8)
    fog-core (1.43.0)
      builder
      excon (~> 0.49)
      formatador (~> 0.2)
    fog-dynect (0.0.3)
      fog-core
      fog-json
      fog-xml
    fog-ecloud (0.3.0)
      fog-core
      fog-xml
    fog-google (0.1.0)
      fog-core
      fog-json
      fog-xml
    fog-json (1.0.2)
      fog-core (~> 1.0)
      multi_json (~> 1.10)
    fog-local (0.3.1)
      fog-core (~> 1.27)
    fog-openstack (0.1.18)
      fog-core (>= 1.40)
      fog-json (>= 1.0)
      ipaddress (>= 0.8)
    fog-powerdns (0.1.1)
      fog-core (~> 1.27)
      fog-json (~> 1.0)
      fog-xml (~> 0.1)
    fog-profitbricks (3.0.0)
      fog-core (~> 1.42)
      fog-json (~> 1.0)
    fog-rackspace (0.1.2)
      fog-core (>= 1.35)
      fog-json (>= 1.0)
      fog-xml (>= 0.1)
      ipaddress (>= 0.8)
    fog-radosgw (0.0.5)
      fog-core (>= 1.21.0)
      fog-json
      fog-xml (>= 0.0.1)
    fog-riakcs (0.1.0)
      fog-core
      fog-json
      fog-xml
    fog-sakuracloud (1.7.5)
      fog-core
      fog-json
    fog-serverlove (0.1.2)
      fog-core
      fog-json
    fog-softlayer (1.1.4)
      fog-core
      fog-json
    fog-storm_on_demand (0.1.1)
      fog-core
      fog-json
    fog-terremark (0.1.0)
      fog-core
      fog-xml
    fog-vmfusion (0.1.0)
      fission
      fog-core
    fog-voxel (0.1.0)
      fog-core
      fog-xml
    fog-vsphere (1.5.2)
      fog-core
      rbvmomi (~> 1.9)
    fog-xenserver (0.2.3)
      fog-core
      fog-xml
    fog-xml (0.1.2)
      fog-core
      nokogiri (~> 1.5, >= 1.5.11)
    font-awesome-rails (4.7.0.0)
      railties (>= 3.2, < 5.1)
    formatador (0.2.5)
    friendly_id (5.2.0)
      activerecord (>= 4.0.0)
    gaffe (1.2.0)
      rails (>= 4.0.0)
    gene_pool (1.4.1)
      thread_safe
    get_process_mem (0.2.1)
    globalid (0.3.7)
      activesupport (>= 4.1.0)
    goldiloader (0.0.10)
      activerecord (>= 3.2, < 5.1)
      activesupport (>= 3.2, < 5.1)
    gravatarify (3.1.1)
    groupdate (3.1.1)
      activesupport (>= 3)
    guard (2.14.0)
      formatador (>= 0.2.4)
      listen (>= 2.7, < 4.0)
      lumberjack (~> 1.0)
      nenv (~> 0.1)
      notiffany (~> 0.0)
      pry (>= 0.9.12)
      shellany (~> 0.0)
      thor (>= 0.18.1)
    guard-bundler (2.1.0)
      bundler (~> 1.0)
      guard (~> 2.2)
      guard-compat (~> 1.1)
    guard-compat (1.2.1)
    guard-rails (0.8.0)
      guard (~> 2.11)
      guard-compat (~> 1.0)
    guard-rspec (4.7.3)
      guard (~> 2.1)
      guard-compat (~> 1.1)
      rspec (>= 2.99.0, < 4.0)
    hash-deep-merge (0.1.1)
    hashie (3.4.6)
    heapy (0.1.2)
    high_voltage (3.0.0)
    highscore (1.2.1)
      whatlanguage (>= 1.0.0)
    http_signatures (0.2.2)
    httparty (0.14.0)
      multi_xml (>= 0.5.2)
    i18n (0.7.0)
    impressionist (1.5.2)
      nokogiri (~> 1.6)
    inflecto (0.0.2)
    interception (0.5)
    ionicons-rails (2.0.0)
    ipaddress (0.8.3)
    jbuilder (2.6.1)
      activesupport (>= 3.0.0, < 5.1)
      multi_json (~> 1.2)
    jmespath (1.3.1)
    jquery-rails (4.2.1)
      rails-dom-testing (>= 1, < 3)
      railties (>= 4.2.0)
      thor (>= 0.14, < 2.0)
    jquery-turbolinks (2.1.0)
      railties (>= 3.1.0)
      turbolinks
    json (1.8.3)
    jwt (1.5.2)
    launchy (2.4.3)
      addressable (~> 2.3)
    lazy_high_charts (1.5.6)
      hash-deep-merge
    lazyload-rails (0.3.1)
      nokogiri (~> 1.5)
    libv8 (3.16.14.17)
    listen (3.1.5)
      rb-fsevent (~> 0.9, >= 0.9.4)
      rb-inotify (~> 0.9, >= 0.9.7)
      ruby_dep (~> 1.2)
    loofah (2.0.3)
      nokogiri (>= 1.5.9)
    lumberjack (1.0.10)
    mail (2.6.4)
      mime-types (>= 1.16, < 4)
    masonry-rails (0.2.4)
      railties
    memory_profiler (0.9.7)
    method_source (0.8.2)
    mime-types (3.1)
      mime-types-data (~> 3.2015)
    mime-types-data (3.2016.0521)
    mimemagic (0.3.2)
    mini_magick (4.6.0)
    mini_portile2 (2.1.0)
    minitest (5.10.1)
    momentjs-rails (2.15.1)
      railties (>= 3.1)
    multi_json (1.12.1)
    multi_xml (0.6.0)
    multipart-post (2.0.0)
    nenv (0.3.0)
    net-scp (1.2.1)
      net-ssh (>= 2.6.5)
    net-ssh (3.2.0)
    newrelic_rpm (3.17.2.327)
    nio4r (1.2.1)
    nokogiri (1.6.8.1)
      mini_portile2 (~> 2.1.0)
    nokogumbo (1.4.10)
      nokogiri
    notiffany (0.1.1)
      nenv (~> 0.1)
      shellany (~> 0.0)
    nprogress-rails (0.2.0.2)
    oauth (0.5.1)
    oauth2 (1.2.0)
      faraday (>= 0.8, < 0.10)
      jwt (~> 1.0)
      multi_json (~> 1.3)
      multi_xml (~> 0.5)
      rack (>= 1.2, < 3)
    omniauth (1.3.1)
      hashie (>= 1.2, < 4)
      rack (>= 1.0, < 3)
    omniauth-facebook (4.0.0)
      omniauth-oauth2 (~> 1.2)
    omniauth-google-oauth2 (0.4.1)
      jwt (~> 1.5.2)
      multi_json (~> 1.3)
      omniauth (>= 1.1.1)
      omniauth-oauth2 (>= 1.3.1)
    omniauth-gplus (2.0.1)
      omniauth-oauth2 (~> 1.1)
    omniauth-oauth (1.1.0)
      oauth
      omniauth (~> 1.0)
    omniauth-oauth2 (1.4.0)
      oauth2 (~> 1.0)
      omniauth (~> 1.2)
    omniauth-twitter (1.2.1)
      json (~> 1.3)
      omniauth-oauth (~> 1.1)
    open_uri_redirections (0.2.1)
    orm_adapter (0.5.0)
    paperclip (5.1.0)
      activemodel (>= 4.2.0)
      activesupport (>= 4.2.0)
      cocaine (~> 0.5.5)
      mime-types
      mimemagic (~> 0.3.0)
    parser (2.3.3.1)
      ast (~> 2.2)
    persistent_http (1.0.6)
      gene_pool (>= 1.3)
    persistent_httparty (0.1.2)
      httparty (~> 0.9)
      persistent_http (< 2)
    pg (0.19.0)
    pghero (1.6.2)
      activerecord
    powerpack (0.1.1)
    pry (0.10.4)
      coderay (~> 1.1.0)
      method_source (~> 0.8.1)
      slop (~> 3.4)
    pry-rails (0.3.4)
      pry (>= 0.9.10)
    pry-rescue (1.4.4)
      interception (>= 0.5)
      pry
    public_suffix (2.0.4)
    puma (3.6.2)
    puma_worker_killer (0.0.7)
      get_process_mem (~> 0.2)
      puma (>= 2.7, < 4)
    pundit (1.1.0)
      activesupport (>= 3.0.0)
    rack (2.0.1)
    rack-cors (0.4.0)
    rack-mini-profiler (0.10.1)
      rack (>= 1.2.0)
    rack-protection (1.5.3)
      rack
    rack-ssl-enforcer (0.2.9)
    rack-test (0.6.3)
      rack (>= 1.0)
    rails (5.0.0.1)
      actioncable (= 5.0.0.1)
      actionmailer (= 5.0.0.1)
      actionpack (= 5.0.0.1)
      actionview (= 5.0.0.1)
      activejob (= 5.0.0.1)
      activemodel (= 5.0.0.1)
      activerecord (= 5.0.0.1)
      activesupport (= 5.0.0.1)
      bundler (>= 1.3.0, < 2.0)
      railties (= 5.0.0.1)
      sprockets-rails (>= 2.0.0)
    rails-dom-testing (2.0.1)
      activesupport (>= 4.2.0, < 6.0)
      nokogiri (~> 1.6.0)
    rails-html-sanitizer (1.0.3)
      loofah (~> 2.0)
    rails_12factor (0.0.3)
      rails_serve_static_assets
      rails_stdout_logging
    rails_layout (1.0.34)
    rails_serve_static_assets (0.0.5)
    rails_stdout_logging (0.0.5)
    railties (5.0.0.1)
      actionpack (= 5.0.0.1)
      activesupport (= 5.0.0.1)
      method_source
      rake (>= 0.8.7)
      thor (>= 0.18.1, < 2.0)
    rainbow (2.1.0)
    rake (11.3.0)
    rb-fchange (0.0.6)
      ffi
    rb-fsevent (0.9.8)
    rb-inotify (0.9.7)
      ffi (>= 0.5.0)
    rbvmomi (1.9.4)
      builder (~> 3.2)
      json (>= 1.8)
      nokogiri (~> 1.5)
      trollop (~> 2.1)
    redis (3.3.2)
    redis-namespace (1.5.2)
      redis (~> 3.0, >= 3.0.4)
    ref (2.0.0)
    responders (2.3.0)
      railties (>= 4.2.0, < 5.1)
    rollbar (2.13.3)
      multi_json
    rspec (3.5.0)
      rspec-core (~> 3.5.0)
      rspec-expectations (~> 3.5.0)
      rspec-mocks (~> 3.5.0)
    rspec-core (3.5.4)
      rspec-support (~> 3.5.0)
    rspec-expectations (3.5.0)
      diff-lcs (>= 1.2.0, < 2.0)
      rspec-support (~> 3.5.0)
    rspec-mocks (3.5.0)
      diff-lcs (>= 1.2.0, < 2.0)
      rspec-support (~> 3.5.0)
    rspec-rails (3.5.2)
      actionpack (>= 3.0)
      activesupport (>= 3.0)
      railties (>= 3.0)
      rspec-core (~> 3.5.0)
      rspec-expectations (~> 3.5.0)
      rspec-mocks (~> 3.5.0)
      rspec-support (~> 3.5.0)
    rspec-support (3.5.0)
    rubocop (0.46.0)
      parser (>= 2.3.1.1, < 3.0)
      powerpack (~> 0.1)
      rainbow (>= 1.99.1, < 3.0)
      ruby-progressbar (~> 1.7)
      unicode-display_width (~> 1.0, >= 1.0.1)
    ruby-progressbar (1.8.1)
    ruby_dep (1.5.0)
    rubyzip (1.2.0)
    rufus-scheduler (3.3.1)
      tzinfo
    safely_block (0.1.1)
      errbase
    sanitize (4.4.0)
      crass (~> 1.0.2)
      nokogiri (>= 1.4.4)
      nokogumbo (~> 1.4.1)
    sass (3.4.22)
    sass-rails (5.0.6)
      railties (>= 4.0.0, < 6)
      sass (~> 3.1)
      sprockets (>= 2.8, < 4.0)
      sprockets-rails (>= 2.0, < 4.0)
      tilt (>= 1.1, < 3)
    sax-machine (1.3.2)
    searchjoy (0.1.0)
      activerecord
      chartkick
      groupdate
    searchkick (1.4.1)
      activemodel
      elasticsearch (>= 1)
      hashie
    selenium-webdriver (3.0.3)
      childprocess (~> 0.5)
      rubyzip (~> 1.0)
      websocket (~> 1.0)
    share_meow_client (0.1.3)
    shellany (0.0.1)
    sidekiq (4.2.7)
      concurrent-ruby (~> 1.0)
      connection_pool (~> 2.2, >= 2.2.0)
      rack-protection (>= 1.5.0)
      redis (~> 3.2, >= 3.2.1)
    sidekiq-cron (0.4.5)
      redis-namespace (>= 1.5.2)
      rufus-scheduler (>= 2.0.24)
      sidekiq (>= 4.2.1)
    sidekiq-unique-jobs (4.0.18)
      sidekiq (>= 2.6)
      thor
    simple_form (3.3.1)
      actionpack (> 4, < 5.1)
      activemodel (> 4, < 5.1)
    simple_token_authentication (1.14.0)
      actionmailer (>= 3.2.6, < 6)
      actionpack (>= 3.2.6, < 6)
      devise (>= 3.2, < 6)
    sinatra (1.0)
      rack (>= 1.0)
    skylight (1.0.1)
      activesupport (>= 3.0.0)
    slop (3.6.0)
    socialization (1.2.0)
      activerecord
    spring (2.0.0)
      activesupport (>= 4.2)
    spring-commands-rspec (1.0.4)
      spring (>= 0.9.1)
    sprockets (3.7.0)
      concurrent-ruby (~> 1.0)
      rack (> 1, < 3)
    sprockets-rails (3.2.0)
      actionpack (>= 4.0)
      activesupport (>= 4.0)
      sprockets (>= 3.0.0)
    sshkit (1.11.4)
      net-scp (>= 1.1.2)
      net-ssh (>= 2.8.0)
    stackprof (0.2.10)
    stemmer (1.0.1)
    stream-ruby (2.4.5)
      http_signatures (~> 0)
      httparty (~> 0)
      jwt (= 1.5.2)
      persistent_httparty (~> 0.1.2)
    stream_rails (2.5.0)
      actionpack (>= 3.0.0)
      activerecord (>= 3.0.0)
      railties (>= 3.0.0)
      stream-ruby (~> 2.4)
    therubyracer (0.12.2)
      libv8 (~> 3.16.14.0)
      ref
    thin (1.7.0)
      daemons (~> 1.0, >= 1.0.9)
      eventmachine (~> 1.0, >= 1.0.4)
      rack (>= 1, < 3)
    thor (0.19.4)
    thread_safe (0.3.5)
    tilt (2.0.5)
    trollop (2.1.2)
    tunemygc (1.0.69)
    turbolinks (5.0.1)
      turbolinks-source (~> 5)
    turbolinks-source (5.0.0)
    tzinfo (1.2.2)
      thread_safe (~> 0.1)
    uglifier (3.0.4)
      execjs (>= 0.3.0, < 3)
    unicode-display_width (1.1.2)
    uniform_notifier (1.10.0)
    warden (1.2.6)
      rack (>= 1.0)
    web-console (2.3.0)
      activemodel (>= 4.0)
      binding_of_caller (>= 0.7.2)
      railties (>= 4.0)
      sprockets-rails (>= 2.0, < 4.0)
    websocket (1.2.3)
    websocket-driver (0.6.4)
      websocket-extensions (>= 0.1.0)
    websocket-extensions (0.1.2)
    whatlanguage (1.0.6)
    whenever (0.9.7)
      chronic (>= 0.6.3)
    will_paginate (3.1.5)
    will_paginate-bootstrap (1.0.1)
      will_paginate (>= 3.0.3)
    xml-simple (1.1.5)
    xpath (2.0.0)
      nokogiri (~> 1.3)

PLATFORMS
  ruby

DEPENDENCIES
  acts-as-taggable-on
  annotate
  api-pagination
  apipie-rails
  better_errors
  blazer
  bootstrap-select-rails
  bootstrap-typeahead-rails
  bootstrap_form!
  bullet
  byebug
  capistrano
  capistrano-bundler
  capistrano-rails
  capistrano-rvm
  capistrano-sidekiq
  capistrano3-puma
  capybara
  carrierwave-aws
  chartkick
  coffee-rails (~> 4.1.0)
  config
  database_cleaner
  delayed_paperclip
  derailed
  derailed_benchmarks
  devise
  devise_invitable
  factory_girl_rails
  feedbag
  feedjira
  figaro
  flamegraph
  fog
  font-awesome-rails
  friendly_id
  gaffe
  goldiloader
  gravatarify
  groupdate
  guard-bundler
  guard-rails
  guard-rspec
  high_voltage
  highscore
  impressionist
  ionicons-rails
  jbuilder (~> 2.5)
  jquery-rails
  jquery-turbolinks
  launchy
  lazy_high_charts
  lazyload-rails
  masonry-rails
  mini_magick
  momentjs-rails
  newrelic_rpm
  nprogress-rails
  omniauth
  omniauth-facebook
  omniauth-google-oauth2
  omniauth-gplus
  omniauth-twitter
  pg
  pghero
  pry-rails
  pry-rescue
  puma (~> 3.0)
  puma_worker_killer
  pundit
  rack-cors
  rack-mini-profiler
  rack-ssl-enforcer
  rails (~> 5.0.0)
  rails_12factor
  rails_layout
  rb-fchange
  rb-fsevent
  rb-inotify
  redis
  rollbar
  rspec-rails
  rubocop
  sanitize
  sass-rails (~> 5.0)
  searchjoy
  searchkick
  selenium-webdriver
  share_meow_client
  sidekiq
  sidekiq-cron
  sidekiq-unique-jobs
  simple_form
  simple_token_authentication
  sinatra
  skylight
  socialization
  spring
  spring-commands-rspec
  stackprof
  stemmer
  stream_rails
  therubyracer
  thin
  tunemygc
  uglifier (>= 1.3.0)
  web-console (~> 2.0)
  whenever
  will_paginate
  will_paginate-bootstrap

RUBY VERSION
   ruby 2.3.3p222

BUNDLED WITH
   1.13.6
